ObjectType = Image
NDims = 2
BinaryData = True
BinaryDataByteOrderMSB = False
CompressedData = True
CompressedDataSize = 275
TransformMatrix = 1 0 0 1
Offset = 20.029331207275391 20.13873291015625
CenterOfRotation = 0 0
ElementSpacing = 0.5 0.5
DimSize = 81 81
AnatomicalOrientation = ??
ElementType = MET_UCHAR
ElementDataFile = labelImage.zraw
